GEM
  remote: http://rubygems.org/
  specs:
    activesupport (3.0.0)
    columnize (0.9.0)
    debugger (1.2.0)
      columnize (>= 0.3.1)
      debugger-linecache (~> 1.1.1)
      debugger-ruby_core_source (~> 1.1.3)
    debugger-linecache (1.1.2)
      debugger-ruby_core_source (>= 1.1.1)
    debugger-ruby_core_source (1.1.9)
    diff-lcs (1.1.3)
    guard (1.3.3)
      listen (>= 0.4.2)
      thor (>= 0.14.6)
    guard-rspec (1.2.2)
      guard (>= 1.1)
    guard-spork (1.1.0)
      guard (>= 1.1)
      spork (>= 0.8.4)
    listen (0.7.3)
    rb-fsevent (0.9.1)
    rspec (2.11.0)
      rspec-core (~> 2.11.0)
      rspec-expectations (~> 2.11.0)
      rspec-mocks (~> 2.11.0)
    rspec-core (2.11.1)
    rspec-expectations (2.11.3)
      diff-lcs (~> 1.1.3)
    rspec-mocks (2.11.2)
    spork (0.9.2)
    thor (0.20.0)

PLATFORMS
  ruby

DEPENDENCIES
  activesupport
  debugger (= 1.2.0)
  guard (~> 1.3.2)
  guard-rspec (~> 1.2.1)
  guard-spork (~> 1.1.0)
  rb-fsevent (~> 0.9.1)
  rspec

RUBY VERSION
   ruby 1.9.3p0

BUNDLED WITH
   1.15.4
